GEM
  remote: https://rubygems.org/
  specs:
    docile (1.3.2)
    json (2.2.0)
    minitest (5.11.3)
    rake (12.3.2)
    rmagick (3.2.0)
    simplecov (0.17.0)
      docile (~> 1.1)
      json (>= 1.8, < 3)
      simplecov-html (~> 0.10.0)
    simplecov-html (0.10.2)
    yard (0.9.20)

PLATFORMS
  ruby

DEPENDENCIES
  minitest
  rake
  rmagick
  simplecov
  yard

BUNDLED WITH
   2.0.1
